GEM
  remote: https://rubygems.org/
  specs:
    bcrypt (3.1.12)
    pg (1.1.4)
    rack (1.6.11)
    rack-protection (1.5.5)
      rack
    sinatra (1.4.6)
      rack (~> 1.4)
      rack-protection (~> 1.4)
      tilt (>= 1.3, < 3)
    tilt (2.0.9)

PLATFORMS
  ruby

DEPENDENCIES
  bcrypt
  pg
  sinatra

BUNDLED WITH
   2.0.1
