GEM
  remote: https://rubygems.org/
  specs:
    activemodel (6.1.3)
      activesupport (= 6.1.3)
    activerecord (6.1.3)
      activemodel (= 6.1.3)
      activesupport (= 6.1.3)
    activesupport (6.1.3)
      concurrent-ruby (~> 1.0, >= 1.0.2)
      i18n (>= 1.6, < 2)
      minitest (>= 5.1)
      tzinfo (~> 2.0)
      zeitwerk (~> 2.3)
    bcrypt (3.1.12)
    concurrent-ruby (1.1.8)
    diff-lcs (1.3)
    i18n (1.8.9)
      concurrent-ruby (~> 1.0)
    minitest (5.14.4)
    mustermann (1.0.3)
    pg (1.1.4)
    rack (2.0.7)
    rack-protection (2.0.5)
      rack
    rack-test (1.1.0)
      rack (>= 1.0, < 3)
    rake (12.3.2)
    rspec (3.8.0)
      rspec-core (~> 3.8.0)
      rspec-expectations (~> 3.8.0)
      rspec-mocks (~> 3.8.0)
    rspec-core (3.8.0)
      rspec-support (~> 3.8.0)
    rspec-expectations (3.8.3)
      diff-lcs (>= 1.2.0, < 2.0)
      rspec-support (~> 3.8.0)
    rspec-mocks (3.8.0)
      diff-lcs (>= 1.2.0, < 2.0)
      rspec-support (~> 3.8.0)
    rspec-support (3.8.0)
    sinatra (2.0.5)
      mustermann (~> 1.0)
      rack (~> 2.0)
      rack-protection (= 2.0.5)
      tilt (~> 2.0)
    sinatra-activerecord (2.0.13)
      activerecord (>= 3.2)
      sinatra (>= 1.0)
    tilt (2.0.9)
    tzinfo (2.0.4)
      concurrent-ruby (~> 1.0)
    zeitwerk (2.4.2)

PLATFORMS
  ruby

DEPENDENCIES
  bcrypt
  pg
  rack-test
  rake
  rspec
  rspec-core
  sinatra
  sinatra-activerecord

BUNDLED WITH
   2.0.1
